GEM
  remote: http://rubygems.org/
  specs:
    actionmailer (3.1.5)
      actionpack (= 3.1.5)
      mail (~> 2.3.3)
    actionpack (3.1.5)
      activemodel (= 3.1.5)
      activesupport (= 3.1.5)
      builder (~> 3.0.0)
      erubis (~> 2.7.0)
      i18n (~> 0.6)
      rack (~> 1.3.6)
      rack-cache (~> 1.2)
      rack-mount (~> 0.8.2)
      rack-test (~> 0.6.1)
      sprockets (~> 2.0.4)
    activemodel (3.1.5)
      activesupport (= 3.1.5)
      builder (~> 3.0.0)
      i18n (~> 0.6)
    activesupport (3.1.5)
      multi_json (>= 1.0, < 1.3)
    builder (3.0.0)
    erubis (2.7.0)
    git (1.2.5)
    hike (1.2.1)
    i18n (0.6.0)
    jeweler (1.5.2)
      bundler (~> 1.0.0)
      git (>= 1.2.5)
      rake
    json (1.5.1)
    mail (2.3.3)
      i18n (>= 0.4.0)
      mime-types (~> 1.16)
      treetop (~> 1.4.8)
    mime-types (1.18)
    multi_json (1.2.0)
    polyglot (0.3.3)
    rack (1.3.6)
    rack-cache (1.2)
      rack (>= 0.4)
    rack-mount (0.8.3)
      rack (>= 1.0.0)
    rack-test (0.6.1)
      rack (>= 1.0)
    rake (0.8.7)
    shoulda (2.10.3)
    sprockets (2.0.4)
      hike (~> 1.2)
      rack (~> 1.0)
      tilt (~> 1.1, != 1.3.0)
    tilt (1.3.3)
    treetop (1.4.10)
      polyglot
      polyglot (>= 0.3.1)

PLATFORMS
  ruby

DEPENDENCIES
  actionmailer (>= 2.3.2)
  bundler (~> 1.0.0)
  jeweler (~> 1.5.1)
  json
  shoulda
